GEM
  remote: https://rubygems.org/
  specs:
    albino (1.3.3)
      posix-spawn (>= 0.3.6)
    bootstrap-sass (3.1.1.0)
      sass (~> 3.2)
    chunky_png (1.2.9)
    colorator (0.1)
    compass (0.12.2)
      chunky_png (~> 1.2)
      fssm (>= 0.2.7)
      sass (~> 3.1)
    dotenv (0.9.0)
    ffi (1.9.10)
    foreman (0.63.0)
      dotenv (>= 0.7)
      thor (>= 0.13.6)
    fssm (0.2.10)
    jekyll (3.1.6)
      colorator (~> 0.1)
      jekyll-sass-converter (~> 1.0)
      jekyll-watch (~> 1.1)
      kramdown (~> 1.3)
      liquid (~> 3.0)
      mercenary (~> 0.3.3)
      rouge (~> 1.7)
      safe_yaml (~> 1.0)
    jekyll-paginate (1.1.0)
    jekyll-sass-converter (1.3.0)
      sass (~> 3.2)
    jekyll-watch (1.4.0)
      listen (~> 3.0, < 3.1)
    kramdown (1.11.1)
    liquid (3.0.6)
    listen (3.0.8)
      rb-fsevent (~> 0.9, >= 0.9.4)
      rb-inotify (~> 0.9, >= 0.9.7)
    mercenary (0.3.6)
    posix-spawn (0.3.11)
    pygmentize (0.0.3)
    rake (10.4.2)
    rb-fsevent (0.9.7)
    rb-inotify (0.9.7)
      ffi (>= 0.5.0)
    redcarpet (3.3.4)
    rouge (1.10.1)
    safe_yaml (1.0.4)
    sass (3.2.13)
    syck (1.1.0)
    thor (0.18.1)

PLATFORMS
  ruby

DEPENDENCIES
  albino (= 1.3.3)
  bootstrap-sass
  compass
  foreman
  jekyll (~> 3.1.6)
  jekyll-paginate
  kramdown (= 1.11.1)
  pygmentize
  rake
  redcarpet
  safe_yaml (~> 1.0.4)
  syck

BUNDLED WITH
   1.14.6
